GEM
  remote: https://rubygems.org/
  specs:
    connection_pool (2.2.2)
    daemons (1.2.3)
    json (1.8.6)
    newrelic_plugin (1.3.1)
      json
    rack (2.0.6)
    rack-protection (2.0.5)
      rack
    redis (4.1.0)
    sidekiq (5.2.5)
      connection_pool (~> 2.2, >= 2.2.2)
      rack (>= 1.5.0)
      rack-protection (>= 1.5.0)
      redis (>= 3.3.5, < 5)

PLATFORMS
  ruby

DEPENDENCIES
  daemons (~> 1.2.3)
  json (~> 1.8.3)
  newrelic_plugin
  redis
  sidekiq

BUNDLED WITH
   1.16.6
